{
    "Modality": "MR",
    "MagneticFieldStrength": 3,
    "ImagingFrequency": 123.258984,
    "Manufacturer": "Siemens",
    "ManufacturersModelName": "Prisma",
    "InstitutionName": "Dartmouth College - PBS",
    "InstitutionalDepartmentName": "Department",
    "InstitutionAddress": "Maynard 3,Hanover,NH,US,03755",
    "DeviceSerialNumber": "66112",
    "StationName": "AWP66112",
    "BodyPartExamined": "BRAIN",
    "PatientPosition": "HFS",
    "ProcedureStepDescription": "Casey_Casey^1105-enculture",
    "SoftwareVersions": "syngo MR E11",
    "MRAcquisitionType": "3D",
    "SeriesDescription": "anat-scout_MPR_cor",
    "ProtocolName": "anat-scout",
    "ScanningSequence": "GR",
    "SequenceVariant": "SP",
    "ScanOptions": "PFP",
    "SequenceName": "*fl3d1_ns",
    "ImageType": [
        "DERIVED",
        "PRIMARY",
        "MPR",
        "ND",
        "NORM"
    ],
    "NonlinearGradientCorrection": false,
    "RawImage": false,
    "SeriesNumber": 3,
    "AcquisitionTime": "08:48:0.695000",
    "AcquisitionNumber": 1,
    "SliceThickness": 1.6,
    "SAR": 0.0194305,
    "EchoTime": 0.00137,
    "RepetitionTime": 0.00315,
    "FlipAngle": 8,
    "PartialFourier": 0.75,
    "BaseResolution": 160,
    "ShimSetting": [
        4221,
        -7724,
        -7463,
        -137,
        -146,
        10,
        -68,
        64
    ],
    "TxRefAmp": 242.064,
    "PhaseResolution": 1,
    "ReceiveCoilName": "Head_32",
    "ReceiveCoilActiveElements": "HEA;HEP",
    "PulseSequenceDetails": "%SiemensSeq%\\AALScout",
    "RefLinesPE": 24,
    "CoilCombinationMethod": "Adaptive Combine",
    "ConsistencyInfo": "N4_VE11E_LATEST_20181129",
    "MatrixCoilMode": "GRAPPA",
    "PercentPhaseFOV": 100,
    "PercentSampling": 100,
    "PhaseEncodingSteps": 118,
    "AcquisitionMatrixPE": 160,
    "ReconMatrixPE": 162,
    "ParallelReductionFactorInPlane": 3,
    "PixelBandwidth": 540,
    "DwellTime": 0.0000058,
    "ImageOrientationPatientDICOM": [
        0.999762,
        -0.00417709,
        -0.0214121,
        -0.019536,
        0.265405,
        -0.963939
    ],
    "ImageOrientationText": "Cor>Tra(-15.4)>Sag(-0.6)",
    "BidsGuess": [
        "derived",
        "_acq-fl3p3_run-3_localizer"
    ],
    "ConversionSoftware": "dcm2niix",
    "ConversionSoftwareVersion": "v1.0.20230904"
}