{
    "Modality": "MR",
    "MagneticFieldStrength": 3,
    "ImagingFrequency": 123.258971,
    "Manufacturer": "Siemens",
    "ManufacturersModelName": "Prisma",
    "InstitutionName": "Dartmouth College - PBS",
    "InstitutionalDepartmentName": "Department",
    "InstitutionAddress": "Maynard 3,Hanover,NH,US,03755",
    "DeviceSerialNumber": "66112",
    "StationName": "AWP66112",
    "BodyPartExamined": "BRAIN",
    "PatientPosition": "HFS",
    "ProcedureStepDescription": "Casey_Casey^1105-enculture",
    "SoftwareVersions": "syngo MR E11",
    "MRAcquisitionType": "2D",
    "SeriesDescription": "func_run-05_task-enculture_acq-mb8_SBRef",
    "ProtocolName": "func_run-05_task-enculture_acq-mb8",
    "ScanningSequence": "EP",
    "SequenceVariant": "SK\\SS",
    "ScanOptions": "FS",
    "SequenceName": "epfid2d1_96",
    "ImageType": [
        "ORIGINAL",
        "PRIMARY",
        "M",
        "ND",
        "NORM",
        "MOSAIC"
    ],
    "NonlinearGradientCorrection": false,
    "SeriesNumber": 18,
    "AcquisitionTime": "09:37:59.202500",
    "AcquisitionNumber": 1,
    "ImageComments": "Single-band reference",
    "SliceThickness": 2,
    "SpacingBetweenSlices": 2,
    "SAR": 0.0639124,
    "EchoTime": 0.034,
    "RepetitionTime": 1.5,
    "FlipAngle": 62,
    "PartialFourier": 1,
    "BaseResolution": 96,
    "ShimSetting": [
        4224,
        -7774,
        -7291,
        230,
        -123,
        -190,
        -115,
        41
    ],
    "TxRefAmp": 242.064,
    "PhaseResolution": 1,
    "VendorReportedEchoSpacing": 0.00058,
    "ReceiveCoilName": "Head_32",
    "ReceiveCoilActiveElements": "HEA;HEP",
    "PulseSequenceDetails": "%CustomerSeq%\\cmrr_mbep2d_bold",
    "WipMemBlock": "2386dc49-d007-4a9a-b765-ca7a32cbf021||Sequence: R016 ve11e/master r/434b28f1; Aug  7 2019 18:53:46 by eja",
    "CoilCombinationMethod": "Sum of Squares",
    "ConsistencyInfo": "N4_VE11E_LATEST_20181129",
    "MatrixCoilMode": "SENSE",
    "PercentPhaseFOV": 100,
    "PercentSampling": 100,
    "EchoTrainLength": 96,
    "PhaseEncodingSteps": 96,
    "AcquisitionMatrixPE": 96,
    "ReconMatrixPE": 96,
    "BandwidthPerPixelPhaseEncode": 17.96,
    "EffectiveEchoSpacing": 0.000579993,
    "DerivedVendorReportedEchoSpacing": 0.000579993,
    "TotalReadoutTime": 0.0550993,
    "PixelBandwidth": 2365,
    "DwellTime": 0.0000022,
    "PhaseEncodingDirection": "j-",
    "SliceTiming": [
        0,
        0.0825,
        0.1625,
        0.245,
        0.3275,
        0.41,
        0.4925,
        0.575,
        0.6575,
        0.74,
        0.8225,
        0.9025,
        0.985,
        1.0675,
        1.15,
        1.2325,
        1.315,
        1.3975,
        1.48,
        1.5625,
        1.6425,
        1.725,
        1.8075,
        1.89,
        1.9725,
        2.055,
        2.1375,
        2.22,
        2.3025,
        2.3825,
        2.465,
        2.5475,
        2.63,
        2.7125,
        2.795,
        2.8775,
        2.96,
        3.0425,
        3.1225,
        3.205,
        3.2875,
        3.37,
        3.4525,
        3.535,
        3.6175,
        3.7,
        3.7825,
        3.8625,
        3.945,
        4.0275,
        4.11,
        4.1925,
        4.275,
        4.3575,
        4.44,
        4.5225,
        4.6025,
        4.685,
        4.7675,
        4.85,
        4.9325,
        5.015,
        5.0975,
        5.18,
        5.2625,
        5.3425,
        5.425,
        5.5075,
        5.59,
        5.6725,
        5.755,
        5.8375
    ],
    "ImageOrientationPatientDICOM": [
        0.999756,
        -0.00880782,
        -0.0202525,
        0.00977175,
        0.9988,
        0.0479998
    ],
    "ImageOrientationText": "Tra>Cor(2.8)>Sag(-1.1)",
    "InPlanePhaseEncodingDirectionDICOM": "COL",
    "BidsGuess": [
        "func",
        "_acq-epfid2_dir-AP_run-18_sbref"
    ],
    "ConversionSoftware": "dcm2niix",
    "ConversionSoftwareVersion": "v1.0.20230904",
    "TaskName": "enculture"
}