{
    "Modality": "MR",
    "MagneticFieldStrength": 3,
    "ImagingFrequency": 123.258958,
    "Manufacturer": "Siemens",
    "ManufacturersModelName": "Prisma",
    "InstitutionName": "Dartmouth College - PBS",
    "InstitutionalDepartmentName": "Department",
    "InstitutionAddress": "Maynard 3,Hanover,NH,US,03755",
    "DeviceSerialNumber": "66112",
    "StationName": "AWP66112",
    "BodyPartExamined": "BRAIN",
    "PatientPosition": "HFS",
    "ProcedureStepDescription": "Casey_Casey^1105-enculture",
    "SoftwareVersions": "syngo MR E11",
    "MRAcquisitionType": "2D",
    "SeriesDescription": "func_run-04_task-enculture_acq-mb8_SBRef",
    "ProtocolName": "func_run-04_task-enculture_acq-mb8",
    "ScanningSequence": "EP",
    "SequenceVariant": "SK\\SS",
    "ScanOptions": "FS",
    "SequenceName": "epfid2d1_96",
    "ImageType": [
        "ORIGINAL",
        "PRIMARY",
        "M",
        "ND",
        "NORM",
        "MOSAIC"
    ],
    "NonlinearGradientCorrection": false,
    "SeriesNumber": 12,
    "AcquisitionTime": "13:56:13.305000",
    "AcquisitionNumber": 1,
    "ImageComments": "Single-band reference",
    "SliceThickness": 2,
    "SpacingBetweenSlices": 2,
    "SAR": 0.0678991,
    "EchoTime": 0.034,
    "RepetitionTime": 1.5,
    "FlipAngle": 62,
    "PartialFourier": 1,
    "BaseResolution": 96,
    "ShimSetting": [
        4211,
        -7737,
        -7222,
        208,
        -200,
        10,
        -125,
        92
    ],
    "TxRefAmp": 263.16,
    "PhaseResolution": 1,
    "VendorReportedEchoSpacing": 0.00058,
    "ReceiveCoilName": "Head_32",
    "ReceiveCoilActiveElements": "HEA;HEP",
    "PulseSequenceDetails": "%CustomerSeq%\\cmrr_mbep2d_bold",
    "WipMemBlock": "8cb6366b-5e2f-45d2-b95d-73ce006a4af9||Sequence: R016 ve11e/master r/434b28f1; Aug  7 2019 18:53:46 by eja",
    "CoilCombinationMethod": "Sum of Squares",
    "ConsistencyInfo": "N4_VE11E_LATEST_20181129",
    "MatrixCoilMode": "SENSE",
    "PercentPhaseFOV": 100,
    "PercentSampling": 100,
    "EchoTrainLength": 96,
    "PhaseEncodingSteps": 96,
    "AcquisitionMatrixPE": 96,
    "ReconMatrixPE": 96,
    "BandwidthPerPixelPhaseEncode": 17.96,
    "EffectiveEchoSpacing": 0.000579993,
    "DerivedVendorReportedEchoSpacing": 0.000579993,
    "TotalReadoutTime": 0.0550993,
    "PixelBandwidth": 2365,
    "DwellTime": 0.0000022,
    "PhaseEncodingDirection": "j-",
    "SliceTiming": [
        0,
        0.0825,
        0.165,
        0.2475,
        0.33,
        0.4125,
        0.4925,
        0.575,
        0.6575,
        0.74,
        0.8225,
        0.905,
        0.9875,
        1.07,
        1.1525,
        1.2325,
        1.315,
        1.3975,
        1.48,
        1.5625,
        1.645,
        1.7275,
        1.81,
        1.8925,
        1.9725,
        2.055,
        2.1375,
        2.22,
        2.3025,
        2.385,
        2.4675,
        2.55,
        2.6325,
        2.7125,
        2.795,
        2.8775,
        2.96,
        3.0425,
        3.125,
        3.2075,
        3.29,
        3.3725,
        3.4525,
        3.535,
        3.6175,
        3.7,
        3.7825,
        3.865,
        3.9475,
        4.03,
        4.1125,
        4.1925,
        4.275,
        4.3575,
        4.44,
        4.5225,
        4.605,
        4.6875,
        4.77,
        4.8525,
        4.9325,
        5.015,
        5.0975,
        5.18,
        5.2625,
        5.345,
        5.4275,
        5.51,
        5.5925,
        5.6725,
        5.755,
        5.8375
    ],
    "ImageOrientationPatientDICOM": [
        0.995266,
        0.0953398,
        -0.0188895,
        -0.0967098,
        0.99079,
        -0.0947713
    ],
    "ImageOrientationText": "Tra>Cor(-5.5)>Sag(-0.6)",
    "InPlanePhaseEncodingDirectionDICOM": "COL",
    "BidsGuess": [
        "func",
        "_acq-epfid2_dir-AP_run-12_sbref"
    ],
    "ConversionSoftware": "dcm2niix",
    "ConversionSoftwareVersion": "v1.0.20230904",
    "TaskName": "enculture"
}