{
    "Modality": "MR",
    "MagneticFieldStrength": 3,
    "ImagingFrequency": 123.258981,
    "Manufacturer": "Siemens",
    "ManufacturersModelName": "Prisma",
    "InstitutionName": "Dartmouth College - PBS",
    "InstitutionalDepartmentName": "Department",
    "InstitutionAddress": "Maynard 3,Hanover,NH,US,03755",
    "DeviceSerialNumber": "66112",
    "StationName": "AWP66112",
    "BodyPartExamined": "BRAIN",
    "PatientPosition": "HFS",
    "ProcedureStepDescription": "Casey_Casey^1105-enculture",
    "SoftwareVersions": "syngo MR E11",
    "MRAcquisitionType": "2D",
    "SeriesDescription": "func_run-03_task-enculture_acq-mb8_SBRef",
    "ProtocolName": "func_run-03_task-enculture_acq-mb8",
    "ScanningSequence": "EP",
    "SequenceVariant": "SK\\SS",
    "ScanOptions": "FS",
    "SequenceName": "epfid2d1_96",
    "ImageType": [
        "ORIGINAL",
        "PRIMARY",
        "M",
        "ND",
        "NORM",
        "MOSAIC"
    ],
    "NonlinearGradientCorrection": false,
    "SeriesNumber": 14,
    "AcquisitionTime": "11:21:59.905000",
    "AcquisitionNumber": 1,
    "ImageComments": "Single-band reference",
    "SliceThickness": 2,
    "SpacingBetweenSlices": 2,
    "SAR": 0.0704149,
    "EchoTime": 0.034,
    "RepetitionTime": 1.5,
    "FlipAngle": 62,
    "PartialFourier": 1,
    "BaseResolution": 96,
    "ShimSetting": [
        4231,
        -7747,
        -7208,
        455,
        -25,
        -72,
        29,
        85
    ],
    "TxRefAmp": 229.345,
    "PhaseResolution": 1,
    "VendorReportedEchoSpacing": 0.00058,
    "ReceiveCoilName": "Head_32",
    "ReceiveCoilActiveElements": "HEA;HEP",
    "PulseSequenceDetails": "%CustomerSeq%\\cmrr_mbep2d_bold",
    "WipMemBlock": "a9958fcb-5b42-47e2-99ef-528bc79043ed||Sequence: R016 ve11e/master r/434b28f1; Aug  7 2019 18:53:46 by eja",
    "CoilCombinationMethod": "Sum of Squares",
    "ConsistencyInfo": "N4_VE11E_LATEST_20181129",
    "MatrixCoilMode": "SENSE",
    "PercentPhaseFOV": 100,
    "PercentSampling": 100,
    "EchoTrainLength": 96,
    "PhaseEncodingSteps": 96,
    "AcquisitionMatrixPE": 96,
    "ReconMatrixPE": 96,
    "BandwidthPerPixelPhaseEncode": 17.96,
    "EffectiveEchoSpacing": 0.000579993,
    "DerivedVendorReportedEchoSpacing": 0.000579993,
    "TotalReadoutTime": 0.0550993,
    "PixelBandwidth": 2365,
    "DwellTime": 0.0000022,
    "PhaseEncodingDirection": "j-",
    "SliceTiming": [
        0,
        0.0825,
        0.165,
        0.2475,
        0.33,
        0.4125,
        0.495,
        0.5775,
        0.6575,
        0.74,
        0.8225,
        0.905,
        0.9875,
        1.07,
        1.1525,
        1.235,
        1.3175,
        1.3975,
        1.48,
        1.5625,
        1.645,
        1.7275,
        1.81,
        1.8925,
        1.975,
        2.0575,
        2.1375,
        2.22,
        2.3025,
        2.385,
        2.4675,
        2.55,
        2.6325,
        2.715,
        2.7975,
        2.8775,
        2.96,
        3.0425,
        3.125,
        3.2075,
        3.29,
        3.3725,
        3.455,
        3.5375,
        3.6175,
        3.7,
        3.7825,
        3.865,
        3.9475,
        4.03,
        4.1125,
        4.195,
        4.2775,
        4.3575,
        4.44,
        4.5225,
        4.605,
        4.6875,
        4.77,
        4.8525,
        4.935,
        5.0175,
        5.0975,
        5.18,
        5.2625,
        5.345,
        5.4275,
        5.51,
        5.5925,
        5.675,
        5.7575,
        5.8375
    ],
    "ImageOrientationPatientDICOM": [
        0.997772,
        -0.0137554,
        -0.0652795,
        0.0273475,
        0.976853,
        0.212157
    ],
    "ImageOrientationText": "Tra>Cor(12.3)>Sag(-3.5)",
    "InPlanePhaseEncodingDirectionDICOM": "COL",
    "BidsGuess": [
        "func",
        "_acq-epfid2_dir-AP_run-14_sbref"
    ],
    "ConversionSoftware": "dcm2niix",
    "ConversionSoftwareVersion": "v1.0.20230904",
    "TaskName": "enculture"
}