{
    "Modality": "MR",
    "MagneticFieldStrength": 3,
    "ImagingFrequency": 123.258956,
    "Manufacturer": "Siemens",
    "ManufacturersModelName": "Prisma",
    "InstitutionName": "Dartmouth College - PBS",
    "InstitutionalDepartmentName": "Department",
    "InstitutionAddress": "Maynard 3,Hanover,NH,US,03755",
    "DeviceSerialNumber": "66112",
    "StationName": "AWP66112",
    "BodyPartExamined": "BRAIN",
    "PatientPosition": "HFS",
    "ProcedureStepDescription": "Casey_Casey^1105-enculture",
    "SoftwareVersions": "syngo MR E11",
    "MRAcquisitionType": "2D",
    "SeriesDescription": "func_run-05_task-enculture_acq-mb8",
    "ProtocolName": "func_run-05_task-enculture_acq-mb8",
    "ScanningSequence": "EP",
    "SequenceVariant": "SK\\SS",
    "ScanOptions": "FS",
    "SequenceName": "epfid2d1_96",
    "ImageType": [
        "ORIGINAL",
        "PRIMARY",
        "M",
        "MB",
        "ND",
        "NORM",
        "MOSAIC"
    ],
    "NonlinearGradientCorrection": false,
    "SeriesNumber": 17,
    "AcquisitionTime": "21:24:57.302500",
    "AcquisitionNumber": 1,
    "ImageComments": "Unaliased MB4/PE3",
    "SliceThickness": 2,
    "SpacingBetweenSlices": 2,
    "SAR": 0.0819258,
    "EchoTime": 0.034,
    "RepetitionTime": 1.5,
    "FlipAngle": 62,
    "PartialFourier": 1,
    "BaseResolution": 96,
    "ShimSetting": [
        4239,
        -7740,
        -7213,
        278,
        -115,
        19,
        -74,
        120
    ],
    "TxRefAmp": 266.028,
    "PhaseResolution": 1,
    "VendorReportedEchoSpacing": 0.00058,
    "ReceiveCoilName": "Head_32",
    "ReceiveCoilActiveElements": "HEA;HEP",
    "PulseSequenceDetails": "%CustomerSeq%\\cmrr_mbep2d_bold",
    "WipMemBlock": "08aea399-803d-4d4b-abfd-0cbd1f356394||Sequence: R016 ve11e/master r/434b28f1; Aug  7 2019 18:53:46 by eja",
    "CoilCombinationMethod": "Sum of Squares",
    "ConsistencyInfo": "N4_VE11E_LATEST_20181129",
    "MatrixCoilMode": "SENSE",
    "MultibandAccelerationFactor": 4,
    "PercentPhaseFOV": 100,
    "PercentSampling": 100,
    "EchoTrainLength": 96,
    "PhaseEncodingSteps": 96,
    "AcquisitionMatrixPE": 96,
    "ReconMatrixPE": 96,
    "BandwidthPerPixelPhaseEncode": 17.96,
    "EffectiveEchoSpacing": 0.000579993,
    "DerivedVendorReportedEchoSpacing": 0.000579993,
    "TotalReadoutTime": 0.0550993,
    "PixelBandwidth": 2365,
    "DwellTime": 0.0000022,
    "PhaseEncodingDirection": "j-",
    "SliceTiming": [
        0,
        1.0675,
        0.6575,
        0.245,
        1.315,
        0.905,
        0.4925,
        0.0825,
        1.15,
        0.74,
        0.3275,
        1.3975,
        0.985,
        0.575,
        0.165,
        1.2325,
        0.8225,
        0.41,
        0,
        1.0675,
        0.6575,
        0.245,
        1.315,
        0.905,
        0.4925,
        0.0825,
        1.15,
        0.74,
        0.3275,
        1.3975,
        0.985,
        0.575,
        0.165,
        1.2325,
        0.8225,
        0.41,
        0,
        1.0675,
        0.6575,
        0.245,
        1.315,
        0.905,
        0.4925,
        0.0825,
        1.15,
        0.74,
        0.3275,
        1.3975,
        0.985,
        0.575,
        0.165,
        1.2325,
        0.8225,
        0.41,
        0,
        1.0675,
        0.6575,
        0.245,
        1.315,
        0.905,
        0.4925,
        0.0825,
        1.15,
        0.74,
        0.3275,
        1.3975,
        0.985,
        0.575,
        0.165,
        1.2325,
        0.8225,
        0.41
    ],
    "ImageOrientationPatientDICOM": [
        0.999705,
        -0.0172478,
        0.0170732,
        0.0202427,
        0.980677,
        -0.194586
    ],
    "ImageOrientationText": "Tra>Cor(-11.2)>Sag(0.8)",
    "InPlanePhaseEncodingDirectionDICOM": "COL",
    "BidsGuess": [
        "func",
        "_acq-epfid2m4_dir-AP_run-17_bold"
    ],
    "ConversionSoftware": "dcm2niix",
    "ConversionSoftwareVersion": "v1.0.20230904",
    "TaskName": "enculture"
}