{
    "Modality": "MR",
    "MagneticFieldStrength": 3,
    "ImagingFrequency": 123.25895,
    "Manufacturer": "Siemens",
    "ManufacturersModelName": "Prisma",
    "InstitutionName": "Dartmouth College - PBS",
    "InstitutionalDepartmentName": "Department",
    "InstitutionAddress": "Maynard 3,Hanover,NH,US,03755",
    "DeviceSerialNumber": "66112",
    "StationName": "AWP66112",
    "BodyPartExamined": "BRAIN",
    "PatientPosition": "HFS",
    "ProcedureStepDescription": "Casey_Casey^1105-enculture",
    "SoftwareVersions": "syngo MR E11",
    "MRAcquisitionType": "2D",
    "SeriesDescription": "func_run-01_task-enculture_acq-mb8",
    "ProtocolName": "func_run-01_task-enculture_acq-mb8",
    "ScanningSequence": "EP",
    "SequenceVariant": "SK\\SS",
    "ScanOptions": "FS",
    "SequenceName": "epfid2d1_96",
    "ImageType": [
        "ORIGINAL",
        "PRIMARY",
        "M",
        "MB",
        "ND",
        "NORM",
        "MOSAIC"
    ],
    "NonlinearGradientCorrection": false,
    "SeriesNumber": 11,
    "AcquisitionTime": "09:00:3.025000",
    "AcquisitionNumber": 1,
    "ImageComments": "Unaliased MB4/PE3",
    "SliceThickness": 2,
    "SpacingBetweenSlices": 2,
    "SAR": 0.0639124,
    "EchoTime": 0.034,
    "RepetitionTime": 1.5,
    "FlipAngle": 62,
    "PartialFourier": 1,
    "BaseResolution": 96,
    "ShimSetting": [
        4224,
        -7774,
        -7291,
        230,
        -123,
        -190,
        -115,
        41
    ],
    "TxRefAmp": 242.064,
    "PhaseResolution": 1,
    "VendorReportedEchoSpacing": 0.00058,
    "ReceiveCoilName": "Head_32",
    "ReceiveCoilActiveElements": "HEA;HEP",
    "PulseSequenceDetails": "%CustomerSeq%\\cmrr_mbep2d_bold",
    "WipMemBlock": "cf980545-31d5-43d6-add1-50a345fd8edd||Sequence: R016 ve11e/master r/434b28f1; Aug  7 2019 18:53:46 by eja",
    "CoilCombinationMethod": "Sum of Squares",
    "ConsistencyInfo": "N4_VE11E_LATEST_20181129",
    "MatrixCoilMode": "SENSE",
    "MultibandAccelerationFactor": 4,
    "PercentPhaseFOV": 100,
    "PercentSampling": 100,
    "EchoTrainLength": 96,
    "PhaseEncodingSteps": 96,
    "AcquisitionMatrixPE": 96,
    "ReconMatrixPE": 96,
    "BandwidthPerPixelPhaseEncode": 17.96,
    "EffectiveEchoSpacing": 0.000579993,
    "DerivedVendorReportedEchoSpacing": 0.000579993,
    "TotalReadoutTime": 0.0550993,
    "PixelBandwidth": 2365,
    "DwellTime": 0.0000022,
    "PhaseEncodingDirection": "j-",
    "SliceTiming": [
        0,
        1.07,
        0.6575,
        0.2475,
        1.315,
        0.905,
        0.495,
        0.0825,
        1.1525,
        0.74,
        0.33,
        1.3975,
        0.9875,
        0.5775,
        0.165,
        1.235,
        0.8225,
        0.4125,
        0,
        1.07,
        0.6575,
        0.2475,
        1.315,
        0.905,
        0.495,
        0.0825,
        1.1525,
        0.74,
        0.33,
        1.3975,
        0.9875,
        0.5775,
        0.165,
        1.235,
        0.8225,
        0.4125,
        0,
        1.07,
        0.6575,
        0.2475,
        1.315,
        0.905,
        0.495,
        0.0825,
        1.1525,
        0.74,
        0.33,
        1.3975,
        0.9875,
        0.5775,
        0.165,
        1.235,
        0.8225,
        0.4125,
        0,
        1.07,
        0.6575,
        0.2475,
        1.315,
        0.905,
        0.495,
        0.0825,
        1.1525,
        0.74,
        0.33,
        1.3975,
        0.9875,
        0.5775,
        0.165,
        1.235,
        0.8225,
        0.4125
    ],
    "ImageOrientationPatientDICOM": [
        0.999756,
        -0.00880782,
        -0.0202525,
        0.00977175,
        0.9988,
        0.0479998
    ],
    "ImageOrientationText": "Tra>Cor(2.8)>Sag(-1.1)",
    "InPlanePhaseEncodingDirectionDICOM": "COL",
    "BidsGuess": [
        "func",
        "_acq-epfid2m4_dir-AP_run-11_bold"
    ],
    "ConversionSoftware": "dcm2niix",
    "ConversionSoftwareVersion": "v1.0.20230904",
    "TaskName": "enculture"
}